PATH
  remote: .
  specs:
    ixtlan-babel (0.1.2)

GEM
  remote: http://rubygems.org/
  specs:
    json_pure (1.6.1)
    minitest (2.11.3)
    rake (0.9.2.2)

PLATFORMS
  ruby

DEPENDENCIES
  ixtlan-babel!
  json_pure (~> 1.6.1)
  minitest (= 2.11.3)
  rake (= 0.9.2.2)
